PATH
  remote: ../garnet
  specs:
    garnet (0.0.1)
      erubis
      rack

GEM
  remote: https://rubygems.org/
  specs:
    erubis (2.7.0)
    rack (1.6.0)

PLATFORMS
  ruby

DEPENDENCIES
  garnet!
